GIT
  remote: git://github.com/thoughtbot/paperclip.git
  revision: 22a2a85d117ec1c45691e225448e71af4e707f1d
  specs:
    paperclip (2.6.0)
      activerecord (>= 2.3.0)
      activesupport (>= 2.3.2)
      cocaine (>= 0.0.2)
      mime-types

GEM
  remote: http://rubygems.org/
  specs:
    Saikuro (1.1.0)
    actionmailer (3.2.0)
      actionpack (= 3.2.0)
      mail (~> 2.4.0)
    actionpack (3.2.0)
      activemodel (= 3.2.0)
      activesupport (= 3.2.0)
      builder (~> 3.0.0)
      erubis (~> 2.7.0)
      journey (~> 1.0.0)
      rack (~> 1.4.0)
      rack-cache (~> 1.1)
      rack-test (~> 0.6.1)
      sprockets (~> 2.1.2)
    activemodel (3.2.0)
      activesupport (= 3.2.0)
      builder (~> 3.0.0)
    activerecord (3.2.0)
      activemodel (= 3.2.0)
      activesupport (= 3.2.0)
      arel (~> 3.0.0)
      tzinfo (~> 0.3.29)
    activeresource (3.2.0)
      activemodel (= 3.2.0)
      activesupport (= 3.2.0)
    activesupport (3.2.0)
      i18n (~> 0.6)
      multi_json (~> 1.0)
    addressable (2.2.7)
    airbrake (3.0.9)
      activesupport
      builder
    arel (3.0.0)
    arrayfields (4.7.4)
    aws-sdk (1.3.4)
      httparty (~> 0.7)
      json (~> 1.4)
      nokogiri (>= 1.4.4)
      uuidtools (~> 2.1)
    bcrypt-ruby (3.0.1)
    best_in_place (1.0.6)
      jquery-rails
      rails (~> 3.1)
    bitly (0.7.0)
      crack (>= 0.1.4)
      httparty (>= 0.7.6)
      oauth2 (~> 0.5.0)
    builder (3.0.0)
    cancan (1.6.7)
    chronic (0.3.0)
    churn (0.0.15)
      arrayfields (= 4.7.4)
      chronic (>= 0.2.3)
      chronic (>= 0.2.3)
      fattr (= 2.2.0)
      hirb (= 0.5.0)
      hirb
      jeweler (= 1.6.4)
      json (= 1.6.1)
      json_pure
      main
      main (>= 4.6.0)
      map (= 4.3.0)
      ruby_parser (= 2.3.1)
      ruby_parser (~> 2.3)
      sexp_processor (= 3.0.7)
      sexp_processor (~> 3.0.3)
    ckeditor (3.6.3)
      mime-types (~> 1.16)
      orm_adapter (~> 0.0.5)
    client_side_validations (3.1.4)
    cocaine (0.2.1)
    coffee-rails (3.2.2)
      coffee-script (>= 2.2.0)
      railties (~> 3.2.0)
    coffee-script (2.2.0)
      coffee-script-source
      execjs
    coffee-script-source (1.2.0)
    colored (1.2)
    crack (0.3.1)
    dalli (1.1.4)
    devise (2.0.4)
      bcrypt-ruby (~> 3.0)
      orm_adapter (~> 0.0.3)
      railties (~> 3.1)
      warden (~> 1.1.1)
    domain_name (0.5.2)
      unf (~> 0.0.3)
    erubis (2.7.0)
    execjs (1.3.0)
      multi_json (~> 1.0)
    faraday (0.7.6)
      addressable (~> 2.2)
      multipart-post (~> 1.1)
      rack (~> 1.1)
    fattr (2.2.0)
    flay (1.4.3)
      ruby_parser (~> 2.0)
      sexp_processor (~> 3.0)
    flog (2.5.3)
      ruby_parser (~> 2.0)
      sexp_processor (~> 3.0)
    git (1.2.5)
    gravatar_image_tag (1.0.0)
    hike (1.2.1)
    hirb (0.5.0)
    home_run (1.0.4)
    httparty (0.8.1)
      multi_json
      multi_xml
    i18n (0.6.0)
    jeweler (1.6.4)
      bundler (~> 1.0)
      git (>= 1.2.5)
      rake
    journey (1.0.1)
    jquery-rails (2.0.0)
      railties (>= 3.2.0.beta, < 5.0)
      thor (~> 0.14)
    json (1.6.1)
    json_pure (1.6.5)
    juggernaut (2.1.1)
      redis
    libxml-ruby (2.2.2)
    libxml-xmlrpc (0.1.5)
      libxml-ruby (> 0.0.0)
    mail (2.4.1)
      i18n (>= 0.4.0)
      mime-types (~> 1.16)
      treetop (~> 1.4.8)
    main (4.7.1)
    map (4.3.0)
    mechanize (2.2.1)
      domain_name (~> 0.5, >= 0.5.1)
      mime-types (~> 1.17, >= 1.17.2)
      net-http-digest_auth (~> 1.1, >= 1.1.1)
      net-http-persistent (~> 2.5, >= 2.5.2)
      nokogiri (~> 1.4)
      ntlm-http (~> 0.1, >= 0.1.1)
      webrobots (~> 0.0, >= 0.0.9)
    meta_search (1.1.3)
      actionpack (~> 3.1)
      activerecord (~> 3.1)
      activesupport (~> 3.1)
      polyamorous (~> 0.5.0)
    metric_fu (2.1.1)
      Saikuro (>= 1.1.0)
      activesupport (>= 2.0.0)
      chronic (~> 0.3.0)
      churn (>= 0.0.7)
      flay (>= 1.2.1)
      flog (>= 2.3.0)
      rails_best_practices (>= 0.6.4)
      rcov (>= 0.8.3.3)
      reek (>= 1.2.6)
      roodi (>= 2.1.0)
      syntax
    metrical (0.1.0)
      metric_fu (~> 2.1.1)
      rcov (~> 0.9)
    mime-types (1.17.2)
    multi_json (1.1.0)
    multi_xml (0.4.1)
    multipart-post (1.1.5)
    mysql2 (0.3.11)
    net-http-digest_auth (1.2)
    net-http-persistent (2.5.2)
    nokogiri (1.5.0)
    ntlm-http (0.1.1)
    oauth (0.4.5)
    oauth2 (0.5.2)
      faraday (~> 0.7)
      multi_json (~> 1.0)
    orm_adapter (0.0.6)
    paper_trail (2.6.0)
      rails (~> 3)
    polyamorous (0.5.0)
      activerecord (~> 3.0)
    polyglot (0.3.3)
    progressbar (0.10.0)
    rack (1.4.1)
    rack-cache (1.1)
      rack (>= 0.4)
    rack-ssl (1.3.2)
      rack
    rack-test (0.6.1)
      rack (>= 1.0)
    rails (3.2.0)
      actionmailer (= 3.2.0)
      actionpack (= 3.2.0)
      activerecord (= 3.2.0)
      activeresource (= 3.2.0)
      activesupport (= 3.2.0)
      bundler (~> 1.0)
      railties (= 3.2.0)
    rails_best_practices (1.7.2)
      activesupport
      colored
      erubis
      i18n
      progressbar
      sexp_processor
    railties (3.2.0)
      actionpack (= 3.2.0)
      activesupport (= 3.2.0)
      rack-ssl (~> 1.3.2)
      rake (>= 0.8.7)
      rdoc (~> 3.4)
      thor (~> 0.14.6)
    rake (0.9.2.2)
    rcov (0.9.11)
    rdoc (3.12)
      json (~> 1.4)
    redis (2.2.2)
    reek (1.2.8)
      ruby2ruby (~> 1.2)
      ruby_parser (~> 2.0)
      sexp_processor (~> 3.0)
    rest-client (1.6.7)
      mime-types (>= 1.16)
    roodi (2.1.0)
      ruby_parser
    ruby2ruby (1.3.1)
      ruby_parser (~> 2.0)
      sexp_processor (~> 3.0)
    ruby_parser (2.3.1)
      sexp_processor (~> 3.0)
    sass (3.1.15)
    sass-rails (3.2.4)
      railties (~> 3.2.0)
      sass (>= 3.1.10)
      tilt (~> 1.3)
    sexp_processor (3.0.7)
    simple_oauth (0.1.5)
    site_meta (1.0.0)
      rails (>= 2.3.5)
    slim_scrooge (1.0.12)
    sprockets (2.1.2)
      hike (~> 1.2)
      rack (~> 1.0)
      tilt (~> 1.1, != 1.3.0)
    squeel (0.9.5)
      activerecord (~> 3.0)
      activesupport (~> 3.0)
      polyamorous (~> 0.5.0)
    syntax (1.0.0)
    thor (0.14.6)
    tilt (1.3.3)
    treetop (1.4.10)
      polyglot
      polyglot (>= 0.3.1)
    twitter (2.1.0)
      activesupport (>= 2.3.9, < 4)
      faraday (~> 0.7)
      multi_json (~> 1.0)
      simple_oauth (~> 0.1)
    tzinfo (0.3.31)
    uglifier (1.2.3)
      execjs (>= 0.3.0)
      multi_json (>= 1.0.2)
    unf (0.0.4)
      unf_ext
    unf_ext (0.0.4)
    uuidtools (2.1.2)
    warden (1.1.1)
      rack (>= 1.0)
    webrobots (0.0.13)
    will_paginate (3.0.3)

PLATFORMS
  ruby

DEPENDENCIES
  airbrake
  aws-sdk (~> 1.3.4)
  best_in_place
  bitly
  cancan
  ckeditor
  client_side_validations
  coffee-rails
  dalli
  devise
  gravatar_image_tag
  home_run
  jquery-rails
  json
  juggernaut
  libxml-xmlrpc
  mechanize
  meta_search
  metrical
  mysql2
  nokogiri
  oauth
  paper_trail
  paperclip!
  rails (= 3.2.0)
  rest-client
  sass-rails
  site_meta
  slim_scrooge
  squeel
  twitter
  uglifier
  uuidtools
  will_paginate
